GEM
  remote: http://rubygems.org/
  specs:
    innate (2011.12)
      rack (~> 1.4.0)
    kyotocabinet-ruby (1.27.1)
    rack (1.4.1)

PLATFORMS
  ruby

DEPENDENCIES
  innate
  kyotocabinet-ruby
