GEM
  remote: http://rubygems.org/
  specs:
    json (1.6.5)
    kyotocabinet-ruby (1.27.1)
    rack (1.4.1)
    sinatra (1.2.6)
      rack (~> 1.1)
      tilt (>= 1.2.2, < 2.0)
    tilt (1.3.3)

PLATFORMS
  ruby

DEPENDENCIES
  json
  kyotocabinet-ruby
  sinatra
